GEM
  remote: https://rubygems.org/
  specs:
    actionmailer (3.2.17)
      actionpack (= 3.2.17)
      mail (~> 2.5.4)
    actionpack (3.2.17)
      activemodel (= 3.2.17)
      activesupport (= 3.2.17)
      builder (~> 3.0.0)
      erubis (~> 2.7.0)
      journey (~> 1.0.4)
      rack (~> 1.4.5)
      rack-cache (~> 1.2)
      rack-test (~> 0.6.1)
      sprockets (~> 2.2.1)
    activemodel (3.2.17)
      activesupport (= 3.2.17)
      builder (~> 3.0.0)
    activerecord (3.2.17)
      activemodel (= 3.2.17)
      activesupport (= 3.2.17)
      arel (~> 3.0.2)
      tzinfo (~> 0.3.29)
    activerecord-oracle_enhanced-adapter (1.4.3)
    activeresource (3.2.17)
      activemodel (= 3.2.17)
      activesupport (= 3.2.17)
    activesupport (3.2.17)
      i18n (~> 0.6, >= 0.6.4)
      multi_json (~> 1.0)
    arel (3.0.3)
    audited (3.0.0)
    audited-activerecord (3.0.0)
      activerecord (~> 3.0)
      audited (= 3.0.0)
    bcrypt (3.1.7)
    bcrypt (3.1.7-x86-mingw32)
    bcrypt-ruby (3.1.5)
      bcrypt (>= 3.1.3)
    bcrypt-ruby (3.1.5-x86-mingw32)
      bcrypt (>= 3.1.3)
    bootstrap-sass (2.3.2.2)
      sass (~> 3.2)
    bootstrap-will_paginate (0.0.10)
      will_paginate
    builder (3.0.4)
    cancancan (1.7.1)
    coffee-rails (3.2.2)
      coffee-script (>= 2.2.0)
      railties (~> 3.2.0)
    coffee-script (2.2.0)
      coffee-script-source
      execjs
    coffee-script-source (1.7.0)
    devise (3.0.4)
      bcrypt-ruby (~> 3.0)
      orm_adapter (~> 0.1)
      railties (>= 3.2.6, < 5)
      warden (~> 1.2.3)
    erubis (2.7.0)
    execjs (2.0.2)
    hike (1.2.3)
    i18n (0.6.9)
    journey (1.0.4)
    jquery-rails (3.1.0)
      railties (>= 3.0, < 5.0)
      thor (>= 0.14, < 2.0)
    json (1.8.1)
    mail (2.5.4)
      mime-types (~> 1.16)
      treetop (~> 1.4.8)
    mime-types (1.25.1)
    multi_json (1.9.2)
    orm_adapter (0.5.0)
    polyamorous (1.0.0)
      activerecord (>= 3.0)
    polyglot (0.3.4)
    quiet_assets (1.0.2)
      railties (>= 3.1, < 5.0)
    rack (1.4.5)
    rack-cache (1.2)
      rack (>= 0.4)
    rack-ssl (1.3.4)
      rack
    rack-test (0.6.2)
      rack (>= 1.0)
    rails (3.2.17)
      actionmailer (= 3.2.17)
      actionpack (= 3.2.17)
      activerecord (= 3.2.17)
      activeresource (= 3.2.17)
      activesupport (= 3.2.17)
      bundler (~> 1.0)
      railties (= 3.2.17)
    railties (3.2.17)
      actionpack (= 3.2.17)
      activesupport (= 3.2.17)
      rack-ssl (~> 1.3.2)
      rake (>= 0.8.7)
      rdoc (~> 3.4)
      thor (>= 0.14.6, < 2.0)
    rake (10.3.1)
    ransack (1.2.2)
      actionpack (>= 3.0)
      activerecord (>= 3.0)
      activesupport (>= 3.0)
      i18n
      polyamorous (~> 1.0.0)
    rdoc (3.12.2)
      json (~> 1.4)
    ruby-oci8 (2.1.7)
    ruby-oci8 (2.1.7-x86-mingw32)
    sass (3.3.5)
    sass-rails (3.2.6)
      railties (~> 3.2.0)
      sass (>= 3.1.10)
      tilt (~> 1.3)
    simple_form (2.1.1)
      actionpack (~> 3.0)
      activemodel (~> 3.0)
    sprockets (2.2.2.backport2)
      hike (~> 1.2)
      multi_json (~> 1.0)
      rack (~> 1.0)
      tilt (~> 1.1, != 1.3.0)
    sqlite3 (1.3.9)
    sqlite3 (1.3.9-x86-mingw32)
    thor (0.19.1)
    tilt (1.4.1)
    treetop (1.4.15)
      polyglot
      polyglot (>= 0.3.1)
    tzinfo (0.3.39)
    uglifier (2.5.0)
      execjs (>= 0.3.0)
      json (>= 1.8.0)
    warden (1.2.3)
      rack (>= 1.0)
    will_paginate (3.0.5)

PLATFORMS
  ruby
  x86-mingw32

DEPENDENCIES
  activerecord-oracle_enhanced-adapter (~> 1.4.3, < 1.5)
  audited-activerecord
  bootstrap-sass (< 3.0)
  bootstrap-will_paginate
  cancancan (~> 1.7)
  coffee-rails (~> 3.2.1)
  devise (< 3.1)
  jquery-rails
  quiet_assets
  rails (= 3.2.17)
  ransack
  ruby-oci8 (~> 2.1.3)
  sass-rails (~> 3.2.3)
  simple_form (< 3.0)
  sprockets (= 2.2.2.backport2)
  sqlite3
  uglifier (>= 1.0.3)
